GEM
  remote: http://rubygems.org/
  specs:
    addressable (2.2.1)
    crack (0.1.8)
    faraday (0.4.6)
      addressable (>= 2.1.1)
      rack (>= 1.0.1)
    git (1.2.5)
    httparty (0.6.1)
      crack (= 0.1.8)
    jeweler (1.5.1)
      bundler (~> 1.0.0)
      git (>= 1.2.5)
      rake
    json (1.4.6)
    multi_json (0.0.4)
    oauth2 (0.0.13)
      faraday (~> 0.4.1)
      multi_json (>= 0.0.4)
    rack (1.2.1)
    rake (0.8.7)
    rcov (0.9.8)

PLATFORMS
  ruby

DEPENDENCIES
  bundler (~> 1.0.0)
  httparty
  jeweler (~> 1.5.1)
  json
  oauth2
  rcov
